GEM
  remote: https://rubygems.org/
  specs:
    docile (1.1.3)
    haml (4.0.5)
      tilt
    json (1.8.1)
    open4 (1.3.3)
    puppet-library (0.13.0)
      docile (>= 1.0.0)
      haml
      json
      open4
      sinatra
    rack (1.5.2)
    rack-protection (1.5.2)
      rack
    sinatra (1.4.4)
      rack (~> 1.4)
      rack-protection (~> 1.4)
      tilt (~> 1.3, >= 1.3.4)
    tilt (1.4.1)

PLATFORMS
  ruby

DEPENDENCIES
  puppet-library
